PATH
  remote: .
  specs:
    karafka-testing (2.3.3)
      karafka (>= 2.3.0, < 2.4.0)
      waterdrop (>= 2.6.12)

GEM
  remote: https://rubygems.org/
  specs:
    ffi (1.16.3)
    karafka (2.3.3)
      karafka-core (>= 2.3.0, < 2.4.0)
      waterdrop (>= 2.6.12, < 3.0.0)
      zeitwerk (~> 2.3)
    karafka-core (2.3.0)
      karafka-rdkafka (>= 0.14.8, < 0.15.0)
    karafka-rdkafka (0.14.10)
      ffi (~> 1.15)
      mini_portile2 (~> 2.6)
      rake (> 12)
    mini_portile2 (2.8.5)
    rake (13.1.0)
    waterdrop (2.6.14)
      karafka-core (>= 2.2.3, < 3.0.0)
      zeitwerk (~> 2.3)
    zeitwerk (2.6.13)

PLATFORMS
  ruby
  x86_64-linux

DEPENDENCIES
  karafka-testing!

BUNDLED WITH
   2.5.6
