PATH
  remote: .
  specs:
    karafka-testing (2.2.0)
      karafka (>= 2.2.0, < 3.0.0)
      waterdrop (>= 2.6.6)

GEM
  remote: https://rubygems.org/
  specs:
    concurrent-ruby (1.2.2)
    ffi (1.15.5)
    karafka (2.2.0)
      karafka-core (>= 2.1.1, < 2.2.0)
      thor (>= 0.20)
      waterdrop (>= 2.6.6, < 3.0.0)
      zeitwerk (~> 2.3)
    karafka-core (2.1.1)
      concurrent-ruby (>= 1.1)
      karafka-rdkafka (>= 0.13.1, < 0.14.0)
    karafka-rdkafka (0.13.3)
      ffi (~> 1.15)
      mini_portile2 (~> 2.6)
      rake (> 12)
    mini_portile2 (2.8.1)
    rake (13.0.6)
    thor (1.2.1)
    waterdrop (2.6.6)
      karafka-core (>= 2.1.1, < 3.0.0)
      zeitwerk (~> 2.3)
    zeitwerk (2.6.7)

PLATFORMS
  arm64-darwin
  x86_64-linux

DEPENDENCIES
  karafka-testing!

BUNDLED WITH
   2.4.12
