PATH
  remote: .
  specs:
    karafka-testing (2.0.0.rc1)
      karafka (~> 2.0.rc2)

GEM
  remote: https://rubygems.org/
  specs:
    concurrent-ruby (1.1.10)
    dry-configurable (0.15.0)
      concurrent-ruby (~> 1.0)
      dry-core (~> 0.6)
    dry-core (0.8.0)
      concurrent-ruby (~> 1.0)
    dry-events (0.3.0)
      concurrent-ruby (~> 1.0)
      dry-core (~> 0.5, >= 0.5)
    dry-monitor (0.6.1)
      dry-configurable (~> 0.13, >= 0.13.0)
      dry-core (~> 0.5, >= 0.5)
      dry-events (~> 0.2)
      zeitwerk (~> 2.5)
    ffi (1.15.5)
    karafka (2.0.0.rc2)
      dry-monitor (~> 0.5)
      rdkafka (>= 0.10)
      thor (>= 0.20)
      waterdrop (>= 2.3.3, < 3.0.0)
      zeitwerk (~> 2.3)
    mini_portile2 (2.8.0)
    rake (13.0.6)
    rdkafka (0.12.0)
      ffi (~> 1.15)
      mini_portile2 (~> 2.6)
      rake (> 12)
    thor (1.2.1)
    waterdrop (2.3.3)
      concurrent-ruby (>= 1.1)
      dry-monitor (~> 0.5)
      rdkafka (>= 0.10)
      zeitwerk (~> 2.3)
    zeitwerk (2.6.0)

PLATFORMS
  x86_64-linux

DEPENDENCIES
  karafka-testing!

BUNDLED WITH
   2.3.15
