PATH
  remote: .
  specs:
    karafka-testing (2.4.0.rc2)
      karafka (>= 2.4.0.beta1, < 2.5.0)
      waterdrop (>= 2.7.0.rc1)

GEM
  remote: https://rubygems.org/
  specs:
    ffi (1.16.3)
    karafka (2.4.0.beta1)
      karafka-core (>= 2.4.0.rc1, < 2.5.0)
      waterdrop (>= 2.7.0.rc1, < 3.0.0)
      zeitwerk (~> 2.3)
    karafka-core (2.4.0.rc1)
      karafka-rdkafka (>= 0.15.0.rc1, < 0.16.0)
    karafka-rdkafka (0.15.0.rc1)
      ffi (~> 1.15)
      mini_portile2 (~> 2.6)
      rake (> 12)
    mini_portile2 (2.8.5)
    rake (13.2.1)
    waterdrop (2.7.0.rc1)
      karafka-core (>= 2.4.0.rc1, < 3.0.0)
      zeitwerk (~> 2.3)
    zeitwerk (2.6.13)

PLATFORMS
  ruby
  x86_64-linux

DEPENDENCIES
  karafka-testing!

BUNDLED WITH
   2.5.7
