PATH
  remote: .
  specs:
    karafka-testing (2.0.1)
      karafka (>= 2.0, < 3.0.0)

GEM
  remote: https://rubygems.org/
  specs:
    concurrent-ruby (1.1.10)
    ffi (1.15.5)
    karafka (2.0.8)
      karafka-core (>= 2.0.2, < 3.0.0)
      rdkafka (>= 0.12)
      thor (>= 0.20)
      waterdrop (>= 2.4.1, < 3.0.0)
      zeitwerk (~> 2.3)
    karafka-core (2.0.2)
      concurrent-ruby (>= 1.1)
    mini_portile2 (2.8.0)
    rake (13.0.6)
    rdkafka (0.12.0)
      ffi (~> 1.15)
      mini_portile2 (~> 2.6)
      rake (> 12)
    thor (1.2.1)
    waterdrop (2.4.1)
      karafka-core (>= 2.0.2, < 3.0.0)
      rdkafka (>= 0.10)
      zeitwerk (~> 2.3)
    zeitwerk (2.6.0)

PLATFORMS
  arm64-darwin
  x86_64-linux

DEPENDENCIES
  karafka-testing!

BUNDLED WITH
   2.3.22
