PATH
  remote: .
  specs:
    karafka-testing (2.4.5)
      karafka (>= 2.4.0, < 2.5.0)
      waterdrop (>= 2.7.0)

GEM
  remote: https://rubygems.org/
  specs:
    base64 (0.2.0)
    ffi (1.17.0)
    ffi (1.17.0-x86_64-linux-gnu)
    karafka (2.4.3)
      base64 (~> 0.2)
      karafka-core (>= 2.4.0, < 2.5.0)
      waterdrop (>= 2.7.3, < 3.0.0)
      zeitwerk (~> 2.3)
    karafka-core (2.4.3)
      karafka-rdkafka (>= 0.15.0, < 0.17.0)
    karafka-rdkafka (0.16.0)
      ffi (~> 1.15)
      mini_portile2 (~> 2.6)
      rake (> 12)
    mini_portile2 (2.8.7)
    rake (13.2.1)
    waterdrop (2.7.3)
      karafka-core (>= 2.4.0, < 3.0.0)
      karafka-rdkafka (>= 0.15.1)
      zeitwerk (~> 2.3)
    zeitwerk (2.6.16)

PLATFORMS
  ruby
  x86_64-linux

DEPENDENCIES
  karafka-testing!

BUNDLED WITH
   2.5.14
