PATH
  remote: .
  specs:
    karafka-testing (2.0.11)
      karafka (>= 2.0.40, < 3.0.0)

GEM
  remote: https://rubygems.org/
  specs:
    concurrent-ruby (1.2.2)
    ffi (1.15.5)
    karafka (2.0.40)
      karafka-core (>= 2.0.12, < 3.0.0)
      thor (>= 0.20)
      waterdrop (>= 2.4.10, < 3.0.0)
      zeitwerk (~> 2.3)
    karafka-core (2.0.12)
      concurrent-ruby (>= 1.1)
      karafka-rdkafka (>= 0.12.1)
    karafka-rdkafka (0.12.1)
      ffi (~> 1.15)
      mini_portile2 (~> 2.6)
      rake (> 12)
    mini_portile2 (2.8.1)
    rake (13.0.6)
    thor (1.2.1)
    waterdrop (2.5.1)
      karafka-core (>= 2.0.12, < 3.0.0)
      zeitwerk (~> 2.3)
    zeitwerk (2.6.7)

PLATFORMS
  arm64-darwin
  x86_64-linux

DEPENDENCIES
  karafka-testing!

BUNDLED WITH
   2.4.10
